GEM
  remote: https://rubygems.org/
  specs:
    cool.io (1.1.0)
      iobuffer (>= 1.0.0)
    fluentd (0.10.32)
      cool.io (~> 1.1.0)
      http_parser.rb (~> 0.5.1)
      json (>= 1.4.3)
      msgpack (~> 0.4.4)
      yajl-ruby (~> 1.0)
    git (1.2.5)
    http_parser.rb (0.5.3)
    iobuffer (1.1.2)
    jeweler (1.8.4)
      bundler (~> 1.0)
      git (>= 1.2.5)
      rake
      rdoc
    json (1.7.7)
    msgpack (0.4.7)
    rake (10.0.3)
    rdoc (3.12.2)
      json (~> 1.4)
    yajl-ruby (1.1.0)

PLATFORMS
  ruby

DEPENDENCIES
  fluentd (~> 0.10.0)
  jeweler (~> 1.8.4)
  rdoc (~> 3.12)
